GEM
  remote: https://rubygems.org/
  specs:
    activemodel (6.0.3.2)
      activesupport (= 6.0.3.2)
    activesupport (6.0.3.2)
      concurrent-ruby (~> 1.0, >= 1.0.2)
      i18n (>= 0.7, < 2)
      minitest (~> 5.1)
      tzinfo (~> 1.1)
      zeitwerk (~> 2.2, >= 2.2.2)
    backports (3.18.1)
    big_sitemap (1.1.0)
    bson (4.10.0)
    coderay (1.1.3)
    concurrent-ruby (1.1.6)
    crass (1.0.6)
    escape_utils (1.2.1)
    factory_girl (4.9.0)
      activesupport (>= 3.0.0)
    i18n (1.8.5)
      concurrent-ruby (~> 1.0)
    kgio (2.11.3)
    loofah (2.6.0)
      crass (~> 1.0.2)
      nokogiri (>= 1.5.9)
    method_source (1.0.0)
    mini_portile2 (2.4.0)
    minitest (5.14.1)
    mongo (2.12.2)
      bson (>= 4.8.2, < 5.0.0)
    mongoid (7.1.2)
      activemodel (>= 5.1, < 6.1)
      mongo (>= 2.7.0, < 3.0.0)
    mongoid-compatibility (0.5.1)
      activesupport
      mongoid (>= 2.0)
    mongoid-slug (6.0.0)
      mongoid (>= 3.0)
      mongoid-compatibility
      stringex (~> 2.0)
    multi_json (1.15.0)
    mustermann (1.1.1)
      ruby2_keywords (~> 0.0.1)
    nokogiri (1.10.10)
      mini_portile2 (~> 2.4.0)
    power_assert (1.2.0)
    pry (0.13.1)
      coderay (~> 1.1)
      method_source (~> 1.0)
    pry-remote (0.1.8)
      pry (~> 0.9)
      slop (~> 3.0)
    rack (2.2.3)
    rack-protection (2.0.8.1)
      rack
    rack-test (1.1.0)
      rack (>= 1.0, < 3)
    raindrops (0.19.1)
    rake (13.0.1)
    redcarpet (3.5.0)
    rinku (2.0.6)
    rouge (3.21.0)
    ruby2_keywords (0.0.2)
    safe_yaml (1.0.5)
    simple-rss (1.3.3)
    sinatra (2.0.8.1)
      mustermann (~> 1.0)
      rack (~> 2.0)
      rack-protection (= 2.0.8.1)
      tilt (~> 2.0)
    sinatra-contrib (2.0.8.1)
      backports (>= 2.8.2)
      multi_json
      mustermann (~> 1.0)
      rack-protection (= 2.0.8.1)
      sinatra (= 2.0.8.1)
      tilt (~> 2.0)
    sinatra-flash (0.3.0)
      sinatra (>= 1.0.0)
    sinatra-partial (1.0.1)
      sinatra (>= 1.4)
    slop (3.6.0)
    stringex (2.8.5)
    test-unit (3.3.6)
      power_assert
    thread_safe (0.3.6)
    tilt (2.0.10)
    timecop (0.9.1)
    tzinfo (1.2.7)
      thread_safe (~> 0.1)
    unicorn (5.6.0)
      kgio (~> 2.6)
      raindrops (~> 0.7)
    wirble (0.1.3)
    zeitwerk (2.4.0)

PLATFORMS
  ruby

DEPENDENCIES
  big_sitemap
  escape_utils
  factory_girl
  loofah
  mongoid (~> 7.0)
  mongoid-slug
  nokogiri
  pry
  pry-remote
  rack
  rack-test
  rake
  redcarpet
  rinku
  rouge
  safe_yaml
  simple-rss
  sinatra
  sinatra-contrib
  sinatra-flash (= 0.3.0)
  sinatra-partial
  test-unit
  timecop
  tzinfo
  unicorn
  wirble

BUNDLED WITH
   2.1.4
