GEM
  remote: https://rubygems.org/
  specs:
    activemodel (4.2.10)
      activesupport (= 4.2.10)
      builder (~> 3.1)
    activesupport (4.2.10)
      i18n (~> 0.7)
      minitest (~> 5.1)
      thread_safe (~> 0.3, >= 0.3.4)
      tzinfo (~> 1.1)
    addressable (2.3.8)
    backports (3.11.2)
    big_sitemap (1.1.0)
    bson (3.2.7)
    builder (3.2.3)
    coderay (1.1.2)
    concurrent-ruby (1.0.5)
    connection_pool (2.2.1)
    crass (1.0.4)
    escape_utils (1.2.1)
    factory_girl (4.9.0)
      activesupport (>= 3.0.0)
    faraday (0.9.2)
      multipart-post (>= 1.2, < 3)
    i18n (0.9.5)
      concurrent-ruby (~> 1.0)
    kgio (2.11.2)
    loofah (2.2.2)
      crass (~> 1.0.2)
      nokogiri (>= 1.5.9)
    mail (2.7.0)
      mini_mime (>= 0.1.1)
    method_source (0.9.0)
    mini_mime (1.0.0)
    mini_portile2 (2.4.0)
    minitest (5.11.3)
    mongoid (4.0.2)
      activemodel (~> 4.0)
      moped (~> 2.0.0)
      origin (~> 2.1)
      tzinfo (>= 0.3.37)
    mongoid-compatibility (0.5.1)
      activesupport
      mongoid (>= 2.0)
    mongoid-slug (5.3.3)
      mongoid (>= 3.0)
      mongoid-compatibility
      stringex (~> 2.0)
    moped (2.0.7)
      bson (~> 3.0)
      connection_pool (~> 2.0)
      optionable (~> 0.2.0)
    multi_json (1.13.1)
    multipart-post (2.0.0)
    mustermann (1.0.2)
    nokogiri (1.10.8)
      mini_portile2 (~> 2.4.0)
    octokit (2.7.2)
      sawyer (~> 0.5.2)
    oj (3.5.1)
    optionable (0.2.0)
    origin (2.3.1)
    pony (1.12)
      mail (>= 2.0)
    power_assert (1.1.1)
    protected_attributes (1.1.4)
      activemodel (>= 4.0.1, < 5.0)
    pry (0.11.3)
      coderay (~> 1.1.0)
      method_source (~> 0.9.0)
    pry-remote (0.1.8)
      pry (~> 0.9)
      slop (~> 3.0)
    rack (2.0.4)
    rack-protection (2.0.1)
      rack
    rack-test (1.0.0)
      rack (>= 1.0, < 3)
    raindrops (0.19.0)
    rake (12.3.1)
    rakismet (1.5.4)
    redcarpet (3.4.0)
    rinku (2.0.4)
    rouge (3.1.1)
    safe_yaml (1.0.4)
    sawyer (0.5.5)
      addressable (~> 2.3.5)
      faraday (~> 0.8, < 0.10)
    simple-rss (1.3.1)
    sinatra (2.0.1)
      mustermann (~> 1.0)
      rack (~> 2.0)
      rack-protection (= 2.0.1)
      tilt (~> 2.0)
    sinatra-contrib (2.0.1)
      backports (>= 2.0)
      multi_json
      mustermann (~> 1.0)
      rack-protection (= 2.0.1)
      sinatra (= 2.0.1)
      tilt (>= 1.3, < 3)
    sinatra-flash (0.3.0)
      sinatra (>= 1.0.0)
    sinatra-partial (1.0.1)
      sinatra (>= 1.4)
    slop (3.6.0)
    stringex (2.8.4)
    test-unit (3.2.7)
      power_assert
    thread_safe (0.3.6)
    tilt (2.0.8)
    timecop (0.9.1)
    tzinfo (1.2.5)
      thread_safe (~> 0.1)
    u2f (1.0.0)
    unicorn (5.4.0)
      kgio (~> 2.6)
      raindrops (~> 0.7)
    wirble (0.1.3)

PLATFORMS
  ruby

DEPENDENCIES
  big_sitemap
  escape_utils
  factory_girl
  loofah
  mongoid (~> 4.0)
  mongoid-slug
  nokogiri
  octokit (~> 2.0)
  oj
  pony
  protected_attributes
  pry
  pry-remote
  rack
  rack-test
  rake
  rakismet
  redcarpet
  rinku
  rouge
  safe_yaml
  simple-rss
  sinatra
  sinatra-contrib
  sinatra-flash (= 0.3.0)
  sinatra-partial
  test-unit
  timecop
  tzinfo
  u2f
  unicorn
  wirble

BUNDLED WITH
   1.16.1
